GEM
  remote: https://rubygems.org/
  specs:
    addressable (2.3.8)
    bibtex-ruby (4.0.15)
      latex-decode (~> 0.0)
    blankslate (2.1.2.4)
    citeproc (1.0.2)
      namae (~> 0.8)
    citeproc-ruby (1.1.0)
      citeproc (>= 1.0.2, < 2.0)
      csl (~> 1.4)
    classifier-reborn (2.0.3)
      fast-stemmer (~> 1.0)
    coffee-script (2.4.1)
      coffee-script-source
      execjs
    coffee-script-source (1.9.1.1)
    colorator (0.1)
    csl (1.4.3)
      namae (~> 0.7)
    csl-styles (1.0.1.6)
      csl (~> 1.0)
    execjs (2.6.0)
    faraday (0.9.2)
      multipart-post (>= 1.2, < 3)
    faraday_middleware (0.10.0)
      faraday (>= 0.7.4, < 0.10)
    fast-stemmer (1.0.2)
    fastimage (1.7.0)
      addressable (~> 2.3, >= 2.3.5)
    feedjira (2.0.0)
      faraday (~> 0.9)
      faraday_middleware (~> 0.9)
      loofah (~> 2.0)
      sax-machine (~> 1.0)
    ffi (1.9.10)
    git (1.2.9.1)
    hike (1.2.3)
    jekyll (2.5.3)
      classifier-reborn (~> 2.0)
      colorator (~> 0.1)
      jekyll-coffeescript (~> 1.0)
      jekyll-gist (~> 1.0)
      jekyll-paginate (~> 1.0)
      jekyll-sass-converter (~> 1.0)
      jekyll-watch (~> 1.1)
      kramdown (~> 1.3)
      liquid (~> 2.6.1)
      mercenary (~> 0.3.3)
      pygments.rb (~> 0.6.0)
      redcarpet (~> 3.1)
      safe_yaml (~> 1.0)
      toml (~> 0.1.0)
    jekyll-assets (1.0.0)
      fastimage (~> 1.6)
      jekyll (>= 2)
      mini_magick (~> 4.1)
      sass (~> 3.2)
      sprockets (~> 2.10)
      sprockets-helpers
      sprockets-sass
    jekyll-coffeescript (1.0.1)
      coffee-script (~> 2.2)
    jekyll-gist (1.3.5)
    jekyll-paginate (1.1.0)
    jekyll-pandoc (1.0.2)
      jekyll (~> 2.1, >= 2.1.1)
      pandoc-ruby (~> 1.0, >= 1.0.0)
    jekyll-sass-converter (1.3.0)
      sass (~> 3.2)
    jekyll-scholar (4.5.0)
      bibtex-ruby (~> 4.0, >= 4.0.13)
      citeproc-ruby (~> 1.0)
      csl-styles (~> 1.0)
      jekyll (~> 2.0)
    jekyll-watch (1.3.0)
      listen (~> 3.0)
    kramdown (1.9.0)
    latex-decode (0.2.2)
      unicode (~> 0.4)
    liquid (2.6.3)
    listen (3.0.3)
      rb-fsevent (>= 0.9.3)
      rb-inotify (>= 0.9)
    loofah (2.0.3)
      nokogiri (>= 1.5.9)
    mercenary (0.3.5)
    mini_magick (4.3.6)
    mini_portile (0.6.2)
    multi_json (1.11.2)
    multipart-post (2.0.0)
    namae (0.10.1)
    nokogiri (1.6.6.2)
      mini_portile (~> 0.6.0)
    octokit (4.1.1)
      sawyer (~> 0.6.0, >= 0.5.3)
    pandoc-ruby (1.0.0)
    parslet (1.5.0)
      blankslate (~> 2.0)
    posix-spawn (0.3.11)
    pygments.rb (0.6.3)
      posix-spawn (~> 0.3.6)
      yajl-ruby (~> 1.2.0)
    rack (1.6.4)
    rake (10.4.2)
    rb-fsevent (0.9.6)
    rb-inotify (0.9.5)
      ffi (>= 0.5.0)
    redcarpet (3.3.3)
    safe_yaml (1.0.4)
    sass (3.4.19)
    sawyer (0.6.0)
      addressable (~> 2.3.5)
      faraday (~> 0.8, < 0.10)
    sax-machine (1.3.2)
    sprockets (2.12.4)
      hike (~> 1.2)
      multi_json (~> 1.0)
      rack (~> 1.0)
      tilt (~> 1.1, != 1.3.0)
    sprockets-helpers (1.2.1)
      sprockets (>= 2.2)
    sprockets-sass (1.3.1)
      sprockets (~> 2.0)
      tilt (~> 1.1)
    tilt (1.4.1)
    toml (0.1.2)
      parslet (~> 1.5.0)
    unicode (0.4.4.2)
    yajl-ruby (1.2.1)

PLATFORMS
  ruby

DEPENDENCIES
  feedjira
  git
  jekyll
  jekyll-assets
  jekyll-pandoc
  jekyll-scholar
  octokit
  pandoc-ruby
  rake

BUNDLED WITH
   1.10.6
